GIT
  remote: https://github.com/mjm/courier-service
  revision: 8b6319b3cb61033be577a2b7c60f1e0964559e92
  specs:
    courier-service (0.1.0)
      jwt
      twirp

GIT
  remote: https://github.com/mjm/courier-translator
  revision: 6d0c263b0a2671e369123d9a6679eaeebaffdee4
  glob: client/*.gemspec
  specs:
    courier-translator (0.0.1)
      jwt
      twirp
      typhoeus

GEM
  remote: https://rubygems.org/
  specs:
    addressable (2.5.2)
      public_suffix (>= 2.0.2, < 4.0)
    coderay (1.1.2)
    connection_pool (2.2.2)
    crack (0.4.3)
      safe_yaml (~> 1.0.0)
    diff-lcs (1.3)
    ethon (0.11.0)
      ffi (>= 1.3.0)
    faraday (0.15.2)
      multipart-post (>= 1.2, < 3)
    ffi (1.9.25)
    google-protobuf (3.6.1)
    hashdiff (0.3.7)
    jwt (2.1.0)
    method_source (0.9.0)
    multipart-post (2.0.0)
    pg (1.0.0)
    pry (0.11.3)
      coderay (~> 1.1.0)
      method_source (~> 0.9.0)
    public_suffix (3.0.2)
    puma (3.12.0)
    rack (2.0.5)
    rack-protection (2.0.3)
      rack
    rake (10.5.0)
    redis (4.0.1)
    rspec (3.8.0)
      rspec-core (~> 3.8.0)
      rspec-expectations (~> 3.8.0)
      rspec-mocks (~> 3.8.0)
    rspec-core (3.8.0)
      rspec-support (~> 3.8.0)
    rspec-expectations (3.8.1)
      diff-lcs (>= 1.2.0, < 2.0)
      rspec-support (~> 3.8.0)
    rspec-mocks (3.8.0)
      diff-lcs (>= 1.2.0, < 2.0)
      rspec-support (~> 3.8.0)
    rspec-sidekiq (3.0.3)
      rspec-core (~> 3.0, >= 3.0.0)
      sidekiq (>= 2.4.0)
    rspec-support (3.8.0)
    safe_yaml (1.0.4)
    sequel (5.11.0)
    sidekiq (5.2.1)
      connection_pool (~> 2.2, >= 2.2.2)
      rack-protection (>= 1.5.0)
      redis (>= 3.3.5, < 5)
    twirp (1.0.0)
      faraday (~> 0)
      google-protobuf (~> 3.0, >= 3.0.0)
    typhoeus (1.3.0)
      ethon (>= 0.9.0)
    webmock (3.4.2)
      addressable (>= 2.3.6)
      crack (>= 0.3.2)
      hashdiff

PLATFORMS
  ruby

DEPENDENCIES
  courier-service!
  courier-translator!
  jwt
  pg
  pry
  puma
  rack
  rake (~> 10.0)
  rspec (~> 3.0)
  rspec-sidekiq
  sequel
  sidekiq
  twirp
  webmock

RUBY VERSION
   ruby 2.5.1p57

BUNDLED WITH
   1.16.1
